GEM
  specs:
    sass (3.2.1)

PLATFORMS
  ruby

DEPENDENCIES
  sass
